PATH
  remote: .
  specs:
    git-scribe (0.1.1)
      liquid
      nokogiri

GEM
  remote: http://rubygems.org/
  specs:
    liquid (2.6.1)
    mini_portile (0.6.0)
    nokogiri (1.6.3.1)
      mini_portile (= 0.6.0)
    rake (0.9.2)
    test-unit (2.3.2)

PLATFORMS
  ruby

DEPENDENCIES
  git-scribe!
  rake
  test-unit
